PATH
  remote: .
  specs:
    elastomer (1.0.0)
      addressable (~> 2.3)
      faraday (~> 0.8)
      faraday_middleware (~> 0.9)
      net-http-persistent (~> 2.8)

GEM
  remote: https://rubygems.org/
  specs:
    addressable (2.3.4)
    faraday (0.8.7)
      multipart-post (~> 1.1)
    faraday_middleware (0.9.0)
      faraday (>= 0.7.4, < 0.9)
    json (1.7.7)
    minitest (4.7.1)
    multipart-post (1.2.0)
    net-http-persistent (2.8)

PLATFORMS
  ruby

DEPENDENCIES
  elastomer!
  json (~> 1.7)
  minitest (~> 4.7)
